STORAGE: NONE
NUGET
  remote: https://www.nuget.org/api/v2
    Fable.Core (3.6.2)
    FSharp.Core (4.7.2) - redirects: force
